GEM
  remote: https://rubygems.org/
  specs:
    coderay (1.1.3)
    method_source (1.1.0)
    pry (0.15.0)
      coderay (~> 1.1)
      method_source (~> 1.0)
    rake (13.2.1)

PLATFORMS
  ruby

DEPENDENCIES
  pry
  rake

BUNDLED WITH
   2.5.23
