GEM
  remote: https://rubygems.org/
  specs:
    coderay (1.1.2)
    method_source (1.0.0)
    pry (0.14.1)
      coderay (~> 1.1)
      method_source (~> 1.0)
    rake (13.0.3)

PLATFORMS
  ruby

DEPENDENCIES
  pry
  rake

BUNDLED WITH
   2.2.16
